PATH
  remote: .
  specs:
    heliotrope (0.1)
      json
      leveldb-ruby (>= 0.7)
      locale
      rack
      rest-client
      rmail (>= 1.0.0)
      sinatra
      trollop (>= 1.16.2)
      whistlepig (>= 0.7)

GEM
  remote: http://rubygems.org/
  specs:
    json (1.6.1)
    leveldb-ruby (0.10)
    locale (2.0.5)
    mime-types (1.17.2)
    rack (1.3.5)
    rack-protection (1.1.4)
      rack
    rest-client (1.6.7)
      mime-types (>= 1.16)
    rmail (1.0.0)
    sinatra (1.3.1)
      rack (>= 1.3.4, ~> 1.3)
      rack-protection (>= 1.1.2, ~> 1.1)
      tilt (>= 1.3.3, ~> 1.3)
    tilt (1.3.3)
    trollop (1.16.2)
    whistlepig (0.7)

PLATFORMS
  ruby

DEPENDENCIES
  heliotrope!
